GIT
  remote: https://github.com/bkuhlmann/xdg
  revision: d7adcec074c0afda8b93938c09e19ac8f7ccdd0e
  specs:
    xdg (3.0.2)

GEM
  remote: https://rubygems.org/
  specs:
    byebug (11.1.1)
    coderay (1.1.2)
    commander-openflighthpc (2.0.0)
      highline (~> 1.7.2)
      paint (~> 2.1.0)
    equatable (0.6.1)
    ffi (1.11.1)
    highline (1.7.10)
    hpricot (0.8.6)
    method_source (1.0.0)
    mustache (1.1.0)
    necromancer (0.5.0)
    paint (2.1.1)
    pastel (0.7.3)
      equatable (~> 0.6)
      tty-color (~> 0.5)
    pry (0.13.0)
      coderay (~> 1.1)
      method_source (~> 1.0)
    pry-byebug (3.9.0)
      byebug (~> 11.0)
      pry (~> 0.13.0)
    rdiscount (2.2.0.1)
    ronn (0.7.3)
      hpricot (>= 0.8.2)
      mustache (>= 0.7.0)
      rdiscount (>= 1.5.8)
    strings (0.1.6)
      strings-ansi (~> 0.1)
      unicode-display_width (~> 1.5)
      unicode_utils (~> 1.4)
    strings-ansi (0.1.0)
    sys-proctable (1.2.2)
      ffi
    tty-color (0.5.0)
    tty-config (0.3.2)
    tty-cursor (0.7.0)
    tty-prompt (0.19.0)
      necromancer (~> 0.5.0)
      pastel (~> 0.7.0)
      tty-reader (~> 0.6.0)
    tty-reader (0.6.0)
      tty-cursor (~> 0.7)
      tty-screen (~> 0.7)
      wisper (~> 2.0.0)
    tty-screen (0.7.0)
    tty-table (0.11.0)
      equatable (~> 0.6)
      necromancer (~> 0.5)
      pastel (~> 0.7.2)
      strings (~> 0.1.5)
      tty-screen (~> 0.7)
    unicode-display_width (1.6.0)
    unicode_utils (1.4.0)
    whirly (0.2.6)
      unicode-display_width (~> 1.1)
    wisper (2.0.0)

PLATFORMS
  ruby

DEPENDENCIES
  commander-openflighthpc (~> 2.0)
  pry
  pry-byebug
  ronn
  sys-proctable
  tty-config
  tty-prompt
  tty-table
  whirly
  xdg!

BUNDLED WITH
   1.17.3
