GIT
  remote: https://github.com/bkuhlmann/xdg
  revision: 9f3aa51e75d6aec4ec100752f5a2afdeecb4faed
  tag: 3.0.2
  specs:
    xdg (3.0.2)

GIT
  remote: https://github.com/openflighthpc/flight_configuration.git
  revision: 1769525a5ef78d98eed46f67daac8e085b6a667e
  tag: 0.4.1
  specs:
    flight_configuration (0.4.1)

GEM
  remote: https://rubygems.org/
  specs:
    commander-openflighthpc (2.2.0)
      highline (> 1.7.2)
      paint (~> 2.1.0)
      slop (~> 4.8)
    equatable (0.6.1)
    ffi (1.11.1)
    highline (2.0.3)
    hpricot (0.8.6)
    mustache (1.1.0)
    necromancer (0.5.1)
    paint (2.1.1)
    pastel (0.7.3)
      equatable (~> 0.6)
      tty-color (~> 0.5)
    rdiscount (2.2.0.1)
    ronn (0.7.3)
      hpricot (>= 0.8.2)
      mustache (>= 0.7.0)
      rdiscount (>= 1.5.8)
    slop (4.9.1)
    strings (0.1.8)
      strings-ansi (~> 0.1)
      unicode-display_width (~> 1.5)
      unicode_utils (~> 1.4)
    strings-ansi (0.2.0)
    sys-proctable (1.2.2)
      ffi
    tty-color (0.5.0)
    tty-cursor (0.7.0)
    tty-prompt (0.19.0)
      necromancer (~> 0.5.0)
      pastel (~> 0.7.0)
      tty-reader (~> 0.6.0)
    tty-reader (0.6.0)
      tty-cursor (~> 0.7)
      tty-screen (~> 0.7)
      wisper (~> 2.0.0)
    tty-screen (0.7.0)
    tty-table (0.11.0)
      equatable (~> 0.6)
      necromancer (~> 0.5)
      pastel (~> 0.7.2)
      strings (~> 0.1.5)
      tty-screen (~> 0.7)
    unicode-display_width (1.6.0)
    unicode_utils (1.4.0)
    whirly (0.2.6)
      unicode-display_width (~> 1.1)
    wisper (2.0.0)

PLATFORMS
  ruby

DEPENDENCIES
  commander-openflighthpc (~> 2.2.0)
  flight_configuration!
  ronn
  sys-proctable
  tty-prompt
  tty-table
  whirly
  xdg!

BUNDLED WITH
   2.1.4
